GEM
  remote: http://rubygems.org/
  specs:
    bson (1.6.4)
    bson_ext (1.6.4)
      bson (~> 1.6.4)
    faraday (0.8.1)
      multipart-post (~> 1.1)
    faraday_middleware (0.8.8)
      faraday (>= 0.7.4, < 0.9)
    haml (3.1.4)
    hashie (1.2.0)
    instapaper (0.2.1)
      faraday_middleware (~> 0.7)
      multi_json (~> 1.0.3)
      rash (~> 0.3)
      simple_oauth (~> 0.1)
    mongo (1.6.4)
      bson (~> 1.6.4)
    multi_json (1.0.4)
    multipart-post (1.1.5)
    mustermann (2.0.2)
      ruby2_keywords (~> 0.0.1)
    rack (2.2.4)
    rack-protection (2.2.3)
      rack
    rash (0.3.2)
      hashie (~> 1.2.0)
    ruby2_keywords (0.0.5)
    simple_oauth (0.1.9)
    sinatra (2.2.3)
      mustermann (~> 2.0)
      rack (~> 2.2)
      rack-protection (= 2.2.3)
      tilt (~> 2.0)
    tilt (2.0.11)

PLATFORMS
  ruby

DEPENDENCIES
  bson_ext
  haml
  instapaper
  mongo
  sinatra
